GEM
  remote: https://rubygems.org/
  specs:
    byebug (10.0.2)
    daemons (1.2.6)
    eventmachine (1.2.7)
    hiredis (0.6.1)
    minitest (5.11.3)
    mustermann (1.0.3)
    nest (3.1.1)
      redic
    ohm (3.1.1)
      nest (~> 3)
      redic (~> 1.5.0)
      stal
    rack (2.0.5)
    rack-protection (2.0.4)
      rack
    rack-test (1.1.0)
      rack (>= 1.0, < 3)
    redic (1.5.0)
      hiredis
    sinatra (2.0.4)
      mustermann (~> 1.0)
      rack (~> 2.0)
      rack-protection (= 2.0.4)
      tilt (~> 2.0)
    stal (0.3.0)
      redic (~> 1.5)
    thin (1.7.2)
      daemons (~> 1.0, >= 1.0.9)
      eventmachine (~> 1.0, >= 1.0.4)
      rack (>= 1, < 3)
    tilt (2.0.8)
    yajl-ruby (1.4.1)

PLATFORMS
  ruby

DEPENDENCIES
  byebug
  minitest
  ohm
  rack-test
  sinatra
  thin
  yajl-ruby

BUNDLED WITH
   1.16.6
